GEM
  remote: http://rubygems.org/
  specs:
    builder (3.2.2)
    capistrano (2.15.5)
      highline
      net-scp (>= 1.0.0)
      net-sftp (>= 2.0.0)
      net-ssh (>= 2.0.14)
      net-ssh-gateway (>= 1.1.0)
    ci_reporter (1.9.1)
      builder (>= 2.1.2)
    diff-lcs (1.2.5)
    facter (1.7.5)
    hiera (1.3.0)
      json_pure
    highline (1.6.20)
    json_pure (1.8.1)
    metaclass (0.0.2)
    mocha (1.0.0)
      metaclass (~> 0.0.1)
    net-scp (1.1.2)
      net-ssh (>= 2.6.5)
    net-sftp (2.1.2)
      net-ssh (>= 2.6.5)
    net-ssh (2.8.0)
    net-ssh-gateway (1.2.0)
      net-ssh (>= 2.6.5)
    puppet (3.2.2)
      facter (~> 1.6)
      hiera (~> 1.0)
      rgen (~> 0.6)
    puppet-lint (0.3.2)
    puppetlabs_spec_helper (0.4.1)
      mocha (>= 0.10.5)
      rake
      rspec (>= 2.9.0)
      rspec-puppet (>= 0.1.1)
    rake (10.1.1)
    rgen (0.6.6)
    rspec (2.14.1)
      rspec-core (~> 2.14.0)
      rspec-expectations (~> 2.14.0)
      rspec-mocks (~> 2.14.0)
    rspec-core (2.14.7)
    rspec-expectations (2.14.5)
      diff-lcs (>= 1.1.3, < 2.0)
    rspec-mocks (2.14.5)
    rspec-puppet (1.0.1)
      rspec

PLATFORMS
  ruby

DEPENDENCIES
  capistrano (= 2.15.5)
  ci_reporter (= 1.9.1)
  puppet (= 3.2.2)
  puppet-lint (= 0.3.2)
  puppetlabs_spec_helper (= 0.4.1)
  rake (= 10.1.1)
  rspec (= 2.14.1)
  rspec-core (= 2.14.7)
  rspec-puppet (= 1.0.1)
